GIT
  remote: git://github.com/activeadmin/active_admin.git
  revision: ad4caab46f1813bedf5acdb7739a17da546a5609
  ref: ad4caab46f1813bedf5acdb7739a17da546a5609
  specs:
    activeadmin (1.0.0.pre)
      arbre (~> 1.0, >= 1.0.2)
      bourbon
      coffee-rails
      formtastic (~> 3.0)
      formtastic_i18n
      inherited_resources (~> 1.4, != 1.5.0)
      jquery-rails
      jquery-ui-rails (~> 5.0)
      kaminari (~> 0.15)
      rails (>= 3.2, < 4.2)
      ransack (~> 1.3)
      sass-rails

GIT
  remote: git://github.com/aganov/state_machine.git
  revision: 88e45a1b1622d7748933bc941e7e9b08b3045a94
  specs:
    state_machine (1.2.0)

GIT
  remote: git://github.com/fred/activeadmin-mongoid.git
  revision: 43a65df81695e8499ba839ac6a8d71d956a05745
  branch: activeadmin-1.0
  specs:
    activeadmin-mongoid (0.2.1)
      activeadmin (>= 0.6.1, < 2)
      mongoid (>= 4.0.0.beta1, < 5)
      rails (~> 4.0)

GIT
  remote: git://github.com/lyleunderwood/schlepp.git
  revision: 66a3e10fbc31179fd7ab25509706c7f2d3dcabd9
  tag: 0.2.0
  specs:
    schlepp (0.1.2)
      rake (>= 0.8.7)

GIT
  remote: git://github.com/simi/mongoid_paranoia.git
  revision: fb3c6941ef1df79e66fe2f60d83aa1fc99c3c6fd
  tag: v0.2.0
  specs:
    mongoid_paranoia (0.2.0)
      mongoid (>= 4)
      mongoid-compatibility

GEM
  remote: http://rubygems.org/
  specs:
    Ascii85 (1.0.2)
    actionmailer (4.1.15)
      actionpack (= 4.1.15)
      actionview (= 4.1.15)
      mail (~> 2.5, >= 2.5.4)
    actionpack (4.1.15)
      actionview (= 4.1.15)
      activesupport (= 4.1.15)
      rack (~> 1.5.2)
      rack-test (~> 0.6.2)
    actionview (4.1.15)
      activesupport (= 4.1.15)
      builder (~> 3.1)
      erubis (~> 2.7.0)
    active_skin (0.0.12)
    activemodel (4.1.15)
      activesupport (= 4.1.15)
      builder (~> 3.1)
    activerecord (4.1.15)
      activemodel (= 4.1.15)
      activesupport (= 4.1.15)
      arel (~> 5.0.0)
    activerecord-import (0.4.1)
      activerecord (>= 3.0)
    activesupport (4.1.15)
      i18n (~> 0.6, >= 0.6.9)
      json (~> 1.7, >= 1.7.7)
      minitest (~> 5.1)
      thread_safe (~> 0.1)
      tzinfo (~> 1.1)
    addressable (2.5.0)
      public_suffix (~> 2.0, >= 2.0.2)
    afm (0.2.2)
    airbrake (4.0.0)
      builder
      multi_json
    akami (1.3.1)
      gyoku (>= 0.4.0)
      nokogiri
    arbre (1.1.1)
      activesupport (>= 3.0.0)
    arel (5.0.1.20140414130214)
    aws-sdk (1.66.0)
      aws-sdk-v1 (= 1.66.0)
    aws-sdk-v1 (1.66.0)
      json (~> 1.4)
      nokogiri (>= 1.4.4)
    axlsx (1.3.6)
      htmlentities (~> 4.3.1)
      nokogiri (>= 1.4.1)
      rubyzip (>= 0.9.5)
    bcrypt (3.1.11)
    bourbon (4.2.7)
      sass (~> 3.4)
      thor (~> 0.19)
    bson (3.2.6)
    buftok (0.2.0)
    builder (3.2.2)
    byebug (3.5.1)
      columnize (~> 0.8)
      debugger-linecache (~> 1.2)
      slop (~> 3.6)
    cancancan (1.12.0)
    capybara (2.3.0)
      mime-types (>= 1.16)
      nokogiri (>= 1.3.3)
      rack (>= 1.0.0)
      rack-test (>= 0.5.4)
      xpath (~> 2.0)
    celluloid (0.17.3)
      celluloid-essentials
      celluloid-extras
      celluloid-fsm
      celluloid-pool
      celluloid-supervision
      timers (>= 4.1.1)
    celluloid-essentials (0.20.5)
      timers (>= 4.1.1)
    celluloid-extras (0.20.5)
      timers (>= 4.1.1)
    celluloid-fsm (0.20.5)
      timers (>= 4.1.1)
    celluloid-pool (0.20.5)
      timers (>= 4.1.1)
    celluloid-supervision (0.20.6)
      timers (>= 4.1.1)
    chartkick (1.4.2)
    childprocess (0.5.9)
      ffi (~> 1.0, >= 1.0.11)
    chosen-rails (1.4.3)
      coffee-rails (>= 3.2)
      compass-rails (>= 2.0.4)
      railties (>= 3.0)
      sass-rails (>= 3.2)
    chunky_png (1.3.8)
    climate_control (0.0.3)
      activesupport (>= 3.0)
    cliver (0.3.2)
    cocaine (0.5.8)
      climate_control (>= 0.0.3, < 1.0)
    coderay (1.1.1)
    coffee-rails (4.2.1)
      coffee-script (>= 2.2.0)
      railties (>= 4.0.0, < 5.2.x)
    coffee-script (2.4.1)
      coffee-script-source
      execjs
    coffee-script-source (1.10.0)
    columnize (0.9.0)
    compass (1.0.3)
      chunky_png (~> 1.2)
      compass-core (~> 1.0.2)
      compass-import-once (~> 1.0.5)
      rb-fsevent (>= 0.9.3)
      rb-inotify (>= 0.9)
      sass (>= 3.3.13, < 3.5)
    compass-core (1.0.3)
      multi_json (~> 1.0)
      sass (>= 3.3.0, < 3.5)
    compass-import-once (1.0.5)
      sass (>= 3.2, < 3.5)
    compass-rails (3.0.2)
      compass (~> 1.0.0)
      sass-rails (< 5.1)
      sprockets (< 4.0)
    concurrent-ruby (1.0.2)
    connection_pool (2.2.1)
    dalli (2.7.6)
    database_cleaner (1.5.3)
    debugger-linecache (1.2.0)
    descendants_tracker (0.0.4)
      thread_safe (~> 0.3, >= 0.3.1)
    devise (3.3.0)
      bcrypt (~> 3.0)
      orm_adapter (~> 0.1)
      railties (>= 3.2.6, < 5)
      thread_safe (~> 0.1)
      warden (~> 1.2.3)
    diff-lcs (1.2.5)
    docile (1.1.5)
    domain_name (0.5.20161021)
      unf (>= 0.0.5, < 1.0.0)
    elasticsearch (1.0.18)
      elasticsearch-api (= 1.0.18)
      elasticsearch-transport (= 1.0.18)
    elasticsearch-api (1.0.18)
      multi_json
    elasticsearch-transport (1.0.18)
      faraday
      multi_json
    equalizer (0.0.10)
    erubis (2.7.0)
    ethon (0.9.1)
      ffi (>= 1.3.0)
    execjs (2.7.0)
    fabrication (2.14.1)
    faker (1.5.0)
      i18n (~> 0.5)
    faraday (0.9.2)
      multipart-post (>= 1.2, < 3)
    fastimage (2.0.1)
      addressable (~> 2)
    ffi (1.9.14)
    formtastic (3.1.4)
      actionpack (>= 3.2.13)
    formtastic_i18n (0.6.0)
    github_api (0.12.4)
      addressable (~> 2.3)
      descendants_tracker (~> 0.0.4)
      faraday (~> 0.8, < 0.10)
      hashie (>= 3.4)
      multi_json (>= 1.7.5, < 2.0)
      nokogiri (~> 1.6.6)
      oauth2
    growl (1.0.3)
    gyoku (1.3.1)
      builder (>= 2.1.2)
    has_scope (0.6.0)
      actionpack (>= 3.2, < 5)
      activesupport (>= 3.2, < 5)
    hashery (2.1.2)
    hashie (3.4.6)
    hipchat (1.5.4)
      httparty
      mimemagic
    hitimes (1.2.4)
    htmlentities (4.3.4)
    http (0.9.9)
      addressable (~> 2.3)
      http-cookie (~> 1.0)
      http-form_data (~> 1.0.1)
      http_parser.rb (~> 0.6.0)
    http-cookie (1.0.3)
      domain_name (~> 0.5)
    http-form_data (1.0.1)
    http_parser.rb (0.6.0)
    httparty (0.14.0)
      multi_xml (>= 0.5.2)
    httpi (2.4.2)
      rack
      socksify
    i18n (0.7.0)
    inherited_resources (1.6.0)
      actionpack (>= 3.2, < 5)
      has_scope (~> 0.6.0.rc)
      railties (>= 3.2, < 5)
      responders
    jquery-rails (3.1.4)
      railties (>= 3.0, < 5.0)
      thor (>= 0.14, < 2.0)
    jquery-ui-rails (5.0.5)
      railties (>= 3.2.16)
    json (1.8.3)
    jwt (1.5.6)
    kaminari (0.17.0)
      actionpack (>= 3.0.0)
      activesupport (>= 3.0.0)
    koala (2.2.0)
      addressable
      faraday
      multi_json
    launchy (2.4.3)
      addressable (~> 2.3)
    letter_opener (1.4.1)
      launchy (~> 2.2)
    mail (2.6.4)
      mime-types (>= 1.16, < 4)
    memoizable (0.4.2)
      thread_safe (~> 0.3, >= 0.3.1)
    method_source (0.8.2)
    mime-types (3.1)
      mime-types-data (~> 3.2015)
    mime-types-data (3.2016.0521)
    mimemagic (0.3.0)
    mini_portile2 (2.1.0)
    minitest (5.9.0)
    mongo (2.1.0.rc0)
      bson (~> 3.0)
    mongoid (5.0.0.rc0)
      activemodel (~> 4.0)
      mongo (= 2.1.0.rc0)
      origin (~> 2.1)
      tzinfo (>= 0.3.37)
    mongoid-compatibility (0.4.0)
      activesupport
      mongoid (>= 2.0)
    mongoid-paperclip (0.0.11)
      mongoid
      paperclip (>= 2.3.6, != 4.3.0)
    multi_json (1.12.1)
    multi_xml (0.5.5)
    multipart-post (2.0.0)
    naught (1.1.0)
    nested_form (0.3.2)
    nested_form_ui (0.0.1)
      jquery-rails
      nested_form
      rails (>= 3)
    net-sftp (2.1.2)
      net-ssh (>= 2.6.5)
    net-ssh (3.2.0)
    newrelic_rpm (3.14.3.313)
    nokogiri (1.6.8.1)
      mini_portile2 (~> 2.1.0)
    nori (2.6.0)
    notifier (0.5.2)
    oauth2 (1.2.0)
      faraday (>= 0.8, < 0.10)
      jwt (~> 1.0)
      multi_json (~> 1.3)
      multi_xml (~> 0.5)
      rack (>= 1.2, < 3)
    oj (2.13.1)
    okcomputer (0.7.5)
    omniauth (1.3.1)
      hashie (>= 1.2, < 4)
      rack (>= 1.0, < 3)
    omniauth-facebook (2.0.1)
      omniauth-oauth2 (~> 1.2)
    omniauth-instagram (1.0.2)
      omniauth (~> 1)
      omniauth-oauth2 (~> 1)
    omniauth-oauth2 (1.4.0)
      oauth2 (~> 1.0)
      omniauth (~> 1.2)
    origin (2.2.2)
    orm_adapter (0.5.0)
    ox (2.2.4)
    paperclip (4.3.7)
      activemodel (>= 3.2.0)
      activesupport (>= 3.2.0)
      cocaine (~> 0.5.5)
      mime-types
      mimemagic (= 0.3.0)
    paperclip-ffmpeg (1.2.0)
      paperclip (>= 2.5.2)
      rails
    pdf-core (0.2.5)
    pdf-reader (1.3.3)
      Ascii85 (~> 1.0.0)
      afm (~> 0.2.0)
      hashery (~> 2.0)
      ruby-rc4
      ttfunk
    pg (0.17.1)
    poltergeist (1.6.0)
      capybara (~> 2.1)
      cliver (~> 0.3.1)
      multi_json (~> 1.0)
      websocket-driver (>= 0.2.0)
    polyamorous (1.3.1)
      activerecord (>= 3.0)
    prawn (1.0.0)
      pdf-core (~> 0.2.2)
      ttfunk (~> 1.1.1)
    prawn-fast-png (0.2.3)
      prawn
      rmagick
    pry (0.10.4)
      coderay (~> 1.1.0)
      method_source (~> 0.8.1)
      slop (~> 3.4)
    pry-byebug (3.0.1)
      byebug (~> 3.4)
      pry (~> 0.10)
    pry-rails (0.3.4)
      pry (>= 0.9.10)
    public_suffix (2.0.4)
    quick_magick (0.8.0)
    rack (1.5.5)
    rack-cors (0.4.0)
    rack-test (0.6.3)
      rack (>= 1.0)
    rails (4.1.15)
      actionmailer (= 4.1.15)
      actionpack (= 4.1.15)
      actionview (= 4.1.15)
      activemodel (= 4.1.15)
      activerecord (= 4.1.15)
      activesupport (= 4.1.15)
      bundler (>= 1.3.0, < 2.0)
      railties (= 4.1.15)
      sprockets-rails (~> 2.0)
    railties (4.1.15)
      actionpack (= 4.1.15)
      activesupport (= 4.1.15)
      rake (>= 0.8.7)
      thor (>= 0.18.1, < 2.0)
    rake (10.4.2)
    ransack (1.8.2)
      actionpack (>= 3.0)
      activerecord (>= 3.0)
      activesupport (>= 3.0)
      i18n
      polyamorous (~> 1.3)
    rb-fsevent (0.9.8)
    rb-inotify (0.9.7)
      ffi (>= 0.5.0)
    redis (3.3.1)
    redis-namespace (1.5.2)
      redis (~> 3.0, >= 3.0.4)
    responders (1.1.2)
      railties (>= 3.2, < 4.2)
    rmagick (2.16.0)
    rspec-core (3.3.2)
      rspec-support (~> 3.3.0)
    rspec-expectations (3.3.1)
      diff-lcs (>= 1.2.0, < 2.0)
      rspec-support (~> 3.3.0)
    rspec-mocks (3.3.2)
      diff-lcs (>= 1.2.0, < 2.0)
      rspec-support (~> 3.3.0)
    rspec-rails (3.3.3)
      actionpack (>= 3.0, < 4.3)
      activesupport (>= 3.0, < 4.3)
      railties (>= 3.0, < 4.3)
      rspec-core (~> 3.3.0)
      rspec-expectations (~> 3.3.0)
      rspec-mocks (~> 3.3.0)
      rspec-support (~> 3.3.0)
    rspec-support (3.3.0)
    ruby-prof (0.15.9)
    ruby-rc4 (0.1.5)
    rubyzip (1.1.7)
    rufus-mnemo (1.2.3)
    sass (3.4.22)
    sass-rails (5.0.6)
      railties (>= 4.0.0, < 6)
      sass (~> 3.1)
      sprockets (>= 2.8, < 4.0)
      sprockets-rails (>= 2.0, < 4.0)
      tilt (>= 1.1, < 3)
    savon (2.11.1)
      akami (~> 1.2)
      builder (>= 2.1.2)
      gyoku (~> 1.2)
      httpi (~> 2.3)
      nokogiri (>= 1.4.0)
      nori (~> 2.4)
      wasabi (~> 3.4)
    selenium-webdriver (2.47.1)
      childprocess (~> 0.5)
      multi_json (~> 1.0)
      rubyzip (~> 1.0)
      websocket (~> 1.0)
    sidekiq (3.5.4)
      celluloid (~> 0.17.2)
      connection_pool (~> 2.2, >= 2.2.0)
      json (~> 1.0)
      redis (~> 3.2, >= 3.2.1)
      redis-namespace (~> 1.5, >= 1.5.2)
    simple_oauth (0.3.1)
    simplecov (0.10.0)
      docile (~> 1.1.0)
      json (~> 1.8)
      simplecov-html (~> 0.10.0)
    simplecov-html (0.10.0)
    slop (3.6.0)
    socksify (1.7.0)
    spring (1.7.2)
    spring-commands-rspec (1.0.4)
      spring (>= 0.9.1)
    sprockets (3.7.0)
      concurrent-ruby (~> 1.0)
      rack (> 1, < 3)
    sprockets-rails (2.3.3)
      actionpack (>= 3.0)
      activesupport (>= 3.0)
      sprockets (>= 2.8, < 4.0)
    test_notifier (2.0.3)
      notifier
    thor (0.19.1)
    thread_safe (0.3.5)
    tilt (2.0.5)
    timers (4.1.1)
      hitimes
    tracking_number (0.10.2)
    ttfunk (1.1.1)
    twitter (5.15.0)
      addressable (~> 2.3)
      buftok (~> 0.2.0)
      equalizer (= 0.0.10)
      faraday (~> 0.9.0)
      http (>= 0.4, < 0.10)
      http_parser.rb (~> 0.6.0)
      json (~> 1.8)
      memoizable (~> 0.4.0)
      naught (~> 1.0)
      simple_oauth (~> 0.3.0)
    typhoeus (0.7.3)
      ethon (>= 0.7.4)
    tzinfo (1.2.2)
      thread_safe (~> 0.1)
    unf (0.1.4)
      unf_ext
    unf_ext (0.0.7.2)
    warden (1.2.6)
      rack (>= 1.0)
    wasabi (3.5.0)
      httpi (~> 2.0)
      nokogiri (>= 1.4.2)
    websocket (1.2.3)
    websocket-driver (0.6.4)
      websocket-extensions (>= 0.1.0)
    websocket-extensions (0.1.2)
    writeexcel (1.0.5)
    xpath (2.0.0)
      nokogiri (~> 1.3)
    zip-zip (0.3)
      rubyzip (>= 1.0.0)

PLATFORMS
  ruby

DEPENDENCIES
  active_skin (~> 0.0.9)
  activeadmin!
  activeadmin-mongoid!
  activerecord-import (~> 0.4.0)
  airbrake (~> 4.0.0)
  aws-sdk (~> 1.66.0)
  axlsx (~> 1.3.6)
  cancancan (~> 1.12.0)
  capybara (~> 2.3.0)
  chartkick (~> 1.4.1)
  chosen-rails (~> 1.4.1)
  dalli (~> 2.7.4)
  database_cleaner (~> 1.5.0)
  devise (~> 3.3.0)
  elasticsearch (~> 1.0.4)
  fabrication (~> 2.14.1)
  faker (~> 1.5.0)
  fastimage
  github_api (~> 0.12.4)
  growl (~> 1.0.3)
  hipchat (~> 1.5.2)
  htmlentities
  jquery-ui-rails (~> 5.0.5)
  koala (~> 2.2.0)
  letter_opener (~> 1.4.1)
  minitest (>= 5.1.x, < 5.9.1)
  mongoid (>= 4.0.0.rc2, < 6.0.0)
  mongoid-paperclip (~> 0.0.10)
  mongoid_paranoia!
  multi_json (>= 1.3.x)
  nested_form (~> 0.3.2)
  nested_form_ui (~> 0.0.1)
  net-sftp (~> 2.1.2)
  newrelic_rpm (~> 3.14.0)
  notifier (~> 0.5.1)
  oj (~> 2.13.0)
  okcomputer (~> 0.7.5)
  omniauth-facebook (~> 2.0.1)
  omniauth-instagram (~> 1.0.1)
  ox (~> 2.2.1)
  paperclip-ffmpeg (~> 1.2.0)
  pdf-reader (~> 1.3.3)
  pg (~> 0.17.1)
  poltergeist (~> 1.6.0)
  prawn (= 1.0.0)
  prawn-fast-png
  pry-byebug (~> 3.0.1)
  pry-rails (~> 0.3.4)
  quick_magick (~> 0.8.0)
  rack-cors (~> 0.4.0)
  rails (= 4.1.15)
  railties (>= 4.1.1, < 4.2.x)
  rake (~> 10.4.2)
  rspec-rails (~> 3.3.3)
  ruby-prof (~> 0.15.9)
  rubyzip (~> 1.1.7)
  rufus-mnemo (~> 1.2.3)
  savon (~> 2.11.1)
  schlepp!
  selenium-webdriver (~> 2.47.1)
  sidekiq (~> 3.5.3)
  simplecov (~> 0.10.0)
  spring-commands-rspec (~> 1.0.4)
  state_machine (~> 1.2.0)!
  test_notifier (~> 2.0.3)
  tracking_number (~> 0.10.1)
  twitter (~> 5.15.0)
  typhoeus (~> 0.7.3)
  writeexcel
  zip-zip

BUNDLED WITH
   1.12.1
